GEM
  remote: https://rubygems.org/
  specs:
    minitest (5.17.0)

PLATFORMS
  x86_64-linux

DEPENDENCIES
  minitest (~> 5.17)

BUNDLED WITH
   2.3.7
